GEM
  remote: https://rubygems.org/
  specs:
    activesupport (7.0.3)
      concurrent-ruby (~> 1.0, >= 1.0.2)
      i18n (>= 1.6, < 2)
      minitest (>= 5.1)
      tzinfo (~> 2.0)
    awesome_print (1.6.1)
    coderay (1.1.0)
    colorize (0.7.7)
    concurrent-ruby (1.1.10)
    i18n (1.10.0)
      concurrent-ruby (~> 1.0)
    letters (0.4.1)
      activesupport
      awesome_print
      colorize
      xml-simple
    method_source (0.8.2)
    minitest (5.8.3)
    pry (0.10.3)
      coderay (~> 1.1.0)
      method_source (~> 0.8.1)
      slop (~> 3.4)
    slop (3.6.0)
    tzinfo (2.0.4)
      concurrent-ruby (~> 1.0)
    xml-simple (1.1.5)

PLATFORMS
  ruby

DEPENDENCIES
  letters
  minitest
  pry

BUNDLED WITH
   1.10.6
