GEM
  remote: https://rubygems.org/
  specs:
    minitest (5.10.0)

PLATFORMS
  ruby

DEPENDENCIES
  minitest

BUNDLED WITH
   1.13.6
