GEM
  remote: https://rubygems.org/
  specs:
    minitest (5.13.0)

PLATFORMS
  ruby

DEPENDENCIES
  minitest

BUNDLED WITH
   2.0.2
