GEM
  remote: https://rubygems.org/
  specs:
    coderay (1.1.2)
    method_source (0.9.2)
    minitest (5.13.0)
    pry (0.12.2)
      coderay (~> 1.1.0)
      method_source (~> 0.9.0)
    sorbet (0.4.5109)
      sorbet-static (= 0.4.5109)
    sorbet-runtime (0.4.5109)
    sorbet-static (0.4.5109-universal-darwin-14)

PLATFORMS
  ruby

DEPENDENCIES
  minitest
  pry
  sorbet
  sorbet-runtime

BUNDLED WITH
   2.1.0.pre.3
